GEM
  remote: https://rubygems.org/
  specs:
    ffi (1.9.10)
    hpricot (0.8.6)
    jekyll-watch (1.3.0)
      listen (~> 3.0)
    kramdown (1.9.0)
    listen (3.0.3)
      rb-fsevent (>= 0.9.3)
      rb-inotify (>= 0.9)
    rb-fsevent (0.9.6)
    rb-inotify (0.9.5)
      ffi (>= 0.5.0)
    rouge (1.10.1)
    sequel (4.28.0)
    unidecode (1.0.0)

PLATFORMS
  ruby

DEPENDENCIES
  hpricot
  jekyll-watch
  kramdown
  rouge
  sequel
  unidecode

BUNDLED WITH
   1.10.6
